GEM
  remote: https://rubygems.org/
  specs:
    alephant-harness (0.2.0)
      aws-sdk
    archive-tar-minitar (0.5.2)
    aws-sdk (1.55.0)
      aws-sdk-v1 (= 1.55.0)
    aws-sdk-v1 (1.55.0)
      json (~> 1.4)
      nokogiri (>= 1.4.4)
    daemons (1.1.9)
    docker (0.0.1)
    docker-api (1.13.6)
      archive-tar-minitar
      excon (>= 0.38.0)
      json
    dotenv (1.0.1)
    eventmachine (1.0.3)
    excon (0.40.0)
    json (1.8.1)
    mini_portile (0.6.0)
    mustache (0.99.6)
    nokogiri (1.6.3.1)
      mini_portile (= 0.6.0)
    peach (0.5.1)
    puma (2.9.1)
      rack (>= 1.1, < 2.0)
    rack (1.5.2)
    rack-protection (1.5.3)
      rack
    sinatra (1.4.5)
      rack (~> 1.4)
      rack-protection (~> 1.4)
      tilt (~> 1.3, >= 1.3.4)
    spurious (0.2.3)
      docker
      docker-api
      eventmachine
      spurious-server
      thor
      timeout
    spurious-ruby-awssdk-helper (0.1.3)
      aws-sdk
    spurious-server (0.3.1)
      daemons
      docker-api
      eventmachine
      peach
    thor (0.19.1)
    tilt (1.4.1)
    timeout (0.0.0)

PLATFORMS
  ruby

DEPENDENCIES
  alephant-harness
  aws-sdk
  dotenv
  mustache
  puma
  rack
  sinatra
  spurious
  spurious-ruby-awssdk-helper
